PATH
  remote: .
  specs:
    IpaMaker (0.0.1)
      claide (>= 1.0.2, < 2.0)
      colored2 (~> 3.1)

GEM
  remote: https://rubygems.org/
  specs:
    claide (1.0.3)
    colored2 (3.1.2)
    rake (13.0.1)

PLATFORMS
  x86_64-darwin-19

DEPENDENCIES
  IpaMaker!
  rake (~> 13.0)

BUNDLED WITH
   2.2.5
